GEM
  remote: https://rubygems.org/
  specs:
    ffi (1.15.5)
    json (2.6.2)
    mustermann (1.1.1)
      ruby2_keywords (~> 0.0.1)
    pg (1.3.5)
    rack (2.2.3)
    rack-protection (2.2.0)
      rack
    require_all (3.0.0)
    ruby2_keywords (0.0.5)
    sassc (2.4.0)
      ffi (~> 1.9)
    sequel (5.56.0)
    sinatra (2.2.0)
      mustermann (~> 1.0)
      rack (~> 2.2)
      rack-protection (= 2.2.0)
      tilt (~> 2.0)
    slim (4.1.0)
      temple (>= 0.7.6, < 0.9)
      tilt (>= 2.0.6, < 2.1)
    temple (0.8.2)
    tilt (2.0.10)
    webrick (1.7.0)

PLATFORMS
  x86_64-darwin-21
  x86_64-linux

DEPENDENCIES
  json (~> 2.6)
  pg (~> 1.3)
  require_all (~> 3.0)
  sassc (= 2.4)
  sequel (~> 5.56)
  sinatra (~> 2.2)
  slim (~> 4.1)
  webrick (~> 1.7)

BUNDLED WITH
   2.3.14
